GEM
  remote: https://rubygems.org/
  specs:
    google-protobuf (3.25.5)
    google-protobuf (3.25.5-arm64-darwin)
    google-protobuf (3.25.5-x86_64-darwin)
    google-protobuf (3.25.5-x86_64-linux)
    mini_portile2 (2.8.8)
    nokogiri (1.18.2)
      mini_portile2 (~> 2.8.2)
      racc (~> 1.4)
    nokogiri (1.18.2-arm64-darwin)
      racc (~> 1.4)
    nokogiri (1.18.2-x86_64-darwin)
      racc (~> 1.4)
    nokogiri (1.18.2-x86_64-linux-gnu)
      racc (~> 1.4)
    racc (1.8.1)

PLATFORMS
  arm64-darwin
  ruby
  x86_64-darwin
  x86_64-linux

DEPENDENCIES
  google-protobuf (= 3.25.5)
  nokogiri

BUNDLED WITH
   2.6.5
