GEM
  remote: https://rubygems.org/
  specs:
    google-protobuf (3.25.5)
    google-protobuf (3.25.5-arm64-darwin)
    google-protobuf (3.25.5-x86_64-darwin)
    google-protobuf (3.25.5-x86_64-linux)
    googleapis-common-protos-types (1.18.0)
      google-protobuf (>= 3.18, < 5.a)
    grpc (1.70.1)
      google-protobuf (>= 3.25, < 5.0)
      googleapis-common-protos-types (~> 1.0)
    grpc (1.70.1-arm64-darwin)
      google-protobuf (>= 3.25, < 5.0)
      googleapis-common-protos-types (~> 1.0)
    grpc (1.70.1-x86_64-darwin)
      google-protobuf (>= 3.25, < 5.0)
      googleapis-common-protos-types (~> 1.0)
    grpc (1.70.1-x86_64-linux)
      google-protobuf (>= 3.25, < 5.0)
      googleapis-common-protos-types (~> 1.0)
    mini_portile2 (2.8.8)
    nokogiri (1.18.2)
      mini_portile2 (~> 2.8.2)
      racc (~> 1.4)
    nokogiri (1.18.2-arm64-darwin)
      racc (~> 1.4)
    nokogiri (1.18.2-x86_64-darwin)
      racc (~> 1.4)
    nokogiri (1.18.2-x86_64-linux-gnu)
      racc (~> 1.4)
    racc (1.8.1)
    re2 (2.15.0)
      mini_portile2 (~> 2.8.7)
    re2 (2.15.0-arm64-darwin)
    re2 (2.15.0-x86_64-darwin)
    re2 (2.15.0-x86_64-linux-gnu)

PLATFORMS
  arm64-darwin
  ruby
  x86_64-darwin
  x86_64-linux

DEPENDENCIES
  google-protobuf (= 3.25.5)
  grpc (= 1.70.1)
  nokogiri
  re2 (= 2.15.0)

BUNDLED WITH
   2.6.5
