GEM
  remote: https://rubygems.org/
  specs:
    mini_portile2 (2.8.8)
    nokogiri (1.18.2)
      mini_portile2 (~> 2.8.2)
      racc (~> 1.4)
    nokogiri (1.18.2-arm64-darwin)
      racc (~> 1.4)
    nokogiri (1.18.2-x86_64-darwin)
      racc (~> 1.4)
    nokogiri (1.18.2-x86_64-linux-gnu)
      racc (~> 1.4)
    racc (1.8.1)
    sorbet (0.5.11835)
      sorbet-static (= 0.5.11835)
    sorbet-static (0.5.11835-universal-darwin)
    sorbet-static (0.5.11835-x86_64-linux)

PLATFORMS
  arm64-darwin
  ruby
  x86_64-darwin
  x86_64-linux

DEPENDENCIES
  nokogiri
  sorbet (= 0.5.11835)

BUNDLED WITH
   2.6.5
